GEM
  remote: https://rubygems.org/
  specs:
    banjo (0.0.4)
      eventmachine (~> 1.0.3)
      rubysl-yaml (= 2.0.0)
      unimidi (= 0.3.3)
    eventmachine (1.0.3)
    ffi (1.9.6)
    ffi-coremidi (0.3.5)
      ffi (~> 1.0)
    rubysl-yaml (2.0.0)
    unimidi (0.3.3)
      ffi-coremidi

PLATFORMS
  ruby

DEPENDENCIES
  banjo
